GEM
  remote: https://rubygems.org/
  specs:
    diff-lcs (1.3)
    extlib (0.9.16)
    highline (1.7.8)
    mustermann (1.0.0)
    rack (2.0.2)
    rack-protection (2.0.0)
      rack
    rake (12.0.0)
    rspec-sinatra (0.1.2)
      templater (>= 1.0.0)
    sinatra (2.0.0)
      mustermann (~> 1.0)
      rack (~> 2.0)
      rack-protection (= 2.0.0)
      tilt (~> 2.0)
    templater (1.0.0)
      diff-lcs (>= 1.1.2)
      extlib (>= 0.9.5)
      highline (>= 1.4.0)
    tilt (2.0.7)

PLATFORMS
  ruby

DEPENDENCIES
  rake
  rspec-sinatra
  sinatra

BUNDLED WITH
   1.13.7
